PATH
  remote: .
  specs:
    jeanine (0.1.0)
      rack
      tilt

GEM
  remote: https://rubygems.org/
  specs:
    diff-lcs (1.3)
    rack (2.1.2)
    rake (13.0.1)
    rspec (3.9.0)
      rspec-core (~> 3.9.0)
      rspec-expectations (~> 3.9.0)
      rspec-mocks (~> 3.9.0)
    rspec-core (3.9.1)
      rspec-support (~> 3.9.1)
    rspec-expectations (3.9.0)
      diff-lcs (>= 1.2.0, < 2.0)
      rspec-support (~> 3.9.0)
    rspec-mocks (3.9.1)
      diff-lcs (>= 1.2.0, < 2.0)
      rspec-support (~> 3.9.0)
    rspec-support (3.9.2)
    tilt (2.0.10)

PLATFORMS
  ruby

DEPENDENCIES
  jeanine!
  rake
  rspec

BUNDLED WITH
   2.1.4
