PATH
  remote: .
  specs:
    jeanine (0.3.0)
      rack
      tilt

GEM
  remote: https://rubygems.org/
  specs:
    ansi (1.5.0)
    builder (3.2.4)
    minitest (5.14.1)
    minitest-reporters (1.4.2)
      ansi
      builder
      minitest (>= 5.0)
      ruby-progressbar
    rack (2.2.3)
    rack-test (1.1.0)
      rack (>= 1.0, < 3)
    rake (13.0.1)
    ruby-progressbar (1.10.1)
    tilt (2.0.10)

PLATFORMS
  ruby

DEPENDENCIES
  jeanine!
  minitest
  minitest-reporters
  rack-test
  rake

BUNDLED WITH
   2.1.4
